PATH
  remote: .
  specs:
    octograb (1.0.0)
      colorize (~> 0.8, >= 0.8.1)
      ruby-progressbar (~> 1.10, >= 1.10.1)
      typhoeus (~> 1.4)

GEM
  remote: https://rubygems.org/
  specs:
    colorize (0.8.1)
    ethon (0.12.0)
      ffi (>= 1.3.0)
    ffi (1.13.1)
    ruby-progressbar (1.10.1)
    typhoeus (1.4.0)
      ethon (>= 0.9.0)

PLATFORMS
  ruby

DEPENDENCIES
  octograb!

BUNDLED WITH
   2.1.4
